GEM
  remote: http://rubygems.org/
  specs:
    activemodel (3.2.3)
      activesupport (= 3.2.3)
      builder (~> 3.0.0)
    activesupport (3.2.3)
      i18n (~> 0.6)
      multi_json (~> 1.0)
    blather (0.7.1)
      activesupport (>= 3.0.7)
      eventmachine (>= 0.12.6)
      girl_friday
      niceogiri (~> 1.0)
      nokogiri (~> 1.4)
    bson (1.6.2)
    bson_ext (1.6.2)
      bson (~> 1.6.2)
    builder (3.0.0)
    connection_pool (0.1.0)
    diff-lcs (1.1.3)
    eventmachine (0.12.10)
    foreman (0.46.0)
      thor (>= 0.13.6)
    girl_friday (0.9.7)
      connection_pool (~> 0.1.0)
    i18n (0.6.0)
    mongo (1.6.2)
      bson (~> 1.6.2)
    mongoid (2.4.9)
      activemodel (~> 3.1)
      mongo (~> 1.3)
      tzinfo (~> 0.3.22)
    multi_json (1.3.4)
    niceogiri (1.0.1)
      nokogiri (~> 1.4)
    nokogiri (1.5.2)
    rspec (2.10.0)
      rspec-core (~> 2.10.0)
      rspec-expectations (~> 2.10.0)
      rspec-mocks (~> 2.10.0)
    rspec-core (2.10.0)
    rspec-expectations (2.10.0)
      diff-lcs (~> 1.1.3)
    rspec-mocks (2.10.1)
    thor (0.15.2)
    tzinfo (0.3.33)

PLATFORMS
  ruby

DEPENDENCIES
  blather
  bson_ext
  foreman
  mongoid
  rspec
