GEM
  remote: http://rubygems.org/
  specs:
    activemodel (3.2.3)
      activesupport (= 3.2.3)
      builder (~> 3.0.0)
    activerecord (3.2.3)
      activemodel (= 3.2.3)
      activesupport (= 3.2.3)
      arel (~> 3.0.2)
      tzinfo (~> 0.3.29)
    activesupport (3.2.3)
      i18n (~> 0.6)
      multi_json (~> 1.0)
    arel (3.0.2)
    blather (0.7.1)
      activesupport (>= 3.0.7)
      eventmachine (>= 0.12.6)
      girl_friday
      niceogiri (~> 1.0)
      nokogiri (~> 1.4)
    builder (3.0.0)
    connection_pool (0.1.0)
    eventmachine (0.12.10)
    girl_friday (0.9.7)
      connection_pool (~> 0.1.0)
    i18n (0.6.0)
    multi_json (1.3.4)
    mysql2 (0.3.11)
    niceogiri (1.0.1)
      nokogiri (~> 1.4)
    nokogiri (1.5.2)
    tzinfo (0.3.33)

PLATFORMS
  ruby

DEPENDENCIES
  activerecord
  blather
  mysql2
